PATH
  remote: .
  specs:
    docker_registry2 (1.15.0)
      rest-client (>= 1.8.0)

GEM
  remote: https://rubygems.org/
  specs:
    addressable (2.8.4)
      public_suffix (>= 2.0.2, < 6.0)
    ast (2.4.2)
    crack (0.4.5)
      rexml
    diff-lcs (1.5.0)
    domain_name (0.5.20190701)
      unf (>= 0.0.5, < 1.0.0)
    hashdiff (1.0.1)
    http-accept (1.7.0)
    http-cookie (1.0.5)
      domain_name (~> 0.5)
    json (2.6.3)
    mime-types (3.4.1)
      mime-types-data (~> 3.2015)
    mime-types-data (3.2023.0218.1)
    netrc (0.11.0)
    parallel (1.23.0)
    parser (3.2.2.1)
      ast (~> 2.4.1)
    public_suffix (5.0.1)
    rainbow (3.1.1)
    rake (10.5.0)
    regexp_parser (2.8.0)
    rest-client (2.1.0)
      http-accept (>= 1.7.0, < 2.0)
      http-cookie (>= 1.0.2, < 2.0)
      mime-types (>= 1.16, < 4.0)
      netrc (~> 0.8)
    rexml (3.2.5)
    rspec (3.12.0)
      rspec-core (~> 3.12.0)
      rspec-expectations (~> 3.12.0)
      rspec-mocks (~> 3.12.0)
    rspec-core (3.12.2)
      rspec-support (~> 3.12.0)
    rspec-expectations (3.12.3)
      diff-lcs (>= 1.2.0, < 2.0)
      rspec-support (~> 3.12.0)
    rspec-mocks (3.12.5)
      diff-lcs (>= 1.2.0, < 2.0)
      rspec-support (~> 3.12.0)
    rspec-support (3.12.0)
    rubocop (1.52.0)
      json (~> 2.3)
      parallel (~> 1.10)
      parser (>= 3.2.0.0)
      rainbow (>= 2.2.2, < 4.0)
      regexp_parser (>= 1.8, < 3.0)
      rexml (>= 3.2.5, < 4.0)
      rubocop-ast (>= 1.28.0, < 2.0)
      ruby-progressbar (~> 1.7)
      unicode-display_width (>= 2.4.0, < 3.0)
    rubocop-ast (1.29.0)
      parser (>= 3.2.1.0)
    ruby-progressbar (1.13.0)
    unf (0.1.4)
      unf_ext
    unf_ext (0.0.8.2)
    unicode-display_width (2.4.2)
    vcr (6.1.0)
    webmock (3.18.1)
      addressable (>= 2.8.0)
      crack (>= 0.3.2)
      hashdiff (>= 0.4.0, < 2.0.0)

PLATFORMS
  arm64-darwin-22

DEPENDENCIES
  bundler
  docker_registry2!
  rake (~> 10.0)
  rspec (~> 3)
  rubocop (>= 0.26.0)
  vcr (~> 6)
  webmock

BUNDLED WITH
   2.2.3
